GEM
  remote: https://rubygems.org/
  specs:
    aws-eventstream (1.3.0)
    aws-partitions (1.1009.0)
    aws-sdk-core (3.213.0)
      aws-eventstream (~> 1, >= 1.3.0)
      aws-partitions (~> 1, >= 1.992.0)
      aws-sigv4 (~> 1.9)
      jmespath (~> 1, >= 1.6.1)
    aws-sdk-kms (1.95.0)
      aws-sdk-core (~> 3, >= 3.210.0)
      aws-sigv4 (~> 1.5)
    aws-sdk-s3 (1.171.0)
      aws-sdk-core (~> 3, >= 3.210.0)
      aws-sdk-kms (~> 1)
      aws-sigv4 (~> 1.5)
    aws-sigv4 (1.10.1)
      aws-eventstream (~> 1, >= 1.0.2)
    coderay (1.1.3)
    jmespath (1.6.2)
    method_source (1.1.0)
    ox (2.14.18)
    pry (0.15.0)
      coderay (~> 1.1)
      method_source (~> 1.0)

PLATFORMS
  ruby
  x86_64-linux

DEPENDENCIES
  aws-sdk-s3
  ox
  pry

BUNDLED WITH
   2.5.18
